GEM
  remote: https://rubygems.org/
  specs:
    puma (2.16.0)
    rack (1.6.4)
    rack-rewrite (1.5.1)

PLATFORMS
  ruby

DEPENDENCIES
  puma (~> 2.15, >= 2.15.3)
  rack
  rack-rewrite (~> 1.5.0)

BUNDLED WITH
   1.10.3
